GEM
  remote: http://rubygems.org/
  specs:
    abstract (1.0.0)
    actionmailer (3.0.5)
      actionpack (= 3.0.5)
      mail (~> 2.3.0)
    actionpack (3.0.5)
      activemodel (= 3.0.5)
      activesupport (= 3.0.5)
      builder (~> 2.1.2)
      erubis (~> 2.6.6)
      i18n (~> 0.4)
      multimap (>= 1.1.2)
      rack (>= 1.1.0)
      rack-mount (>= 0.6.13)
      rack-test (>= 0.5.4)
      regin (>= 0.3.7)
      tzinfo (~> 0.3.23)
    activemodel (3.0.5)
      activesupport (= 3.0.5)
      builder (~> 2.1.2)
      i18n (~> 0.4)
    activerecord (3.0.5)
      activemodel (= 3.0.5)
      activesupport (= 3.0.5)
      arel (~> 2.0.2)
      tzinfo (~> 0.3.23)
    activeresource (3.0.5)
      activemodel (= 3.0.5)
      activesupport (= 3.0.5)
    activesupport (3.0.5)
    alias (0.2.2)
    arel (2.0.10)
    awesome_print (0.4.0)
    boson (0.3.3)
      alias (>= 0.2.2)
      hirb (>= 0.3.5)
    builder (2.1.2)
    clipboard (0.9.9)
    coderay (0.9.7)
    erubis (2.6.6)
      abstract (>= 1.0.0)
    every_day_irb (1.0.5)
    fancy_irb (0.7.0)
      paint (>= 0.8.1)
      unicode-display_width (>= 0.1.1)
    g (1.4.0)
      ruby-growl (>= 1.0.1)
    has_scope (0.5.1)
    hirb (0.4.5)
    i18n (0.6.0)
    inherited_resources (1.2.2)
      has_scope (~> 0.5.0)
      responders (~> 0.6.0)
    interactive_editor (0.0.8)
      spoon (>= 0.0.1)
    irbtools (1.0.5)
      awesome_print (~> 0.4.0)
      boson (>= 0.3.3)
      clipboard (>= 0.9.9)
      coderay (~> 0.9)
      every_day_irb (>= 1.0.5)
      fancy_irb (>= 0.7.0)
      g
      hirb (~> 0.4.5)
      interactive_editor (>= 0.0.8)
      methodfinder (>= 1.2.3)
      ori (~> 0.1.0)
      paint (>= 0.8.1)
      rvm_loader (>= 1.0.0)
      sketches
      wirb (>= 0.4.0)
      zucker (>= 11)
    jquery-rails (1.0.12)
      railties (~> 3.0)
      thor (~> 0.14)
    mail (2.3.0)
      i18n (>= 0.4.0)
      mime-types (~> 1.16)
      treetop (~> 1.4.8)
    method_source (0.6.0)
      ruby_parser (>= 2.0.5)
    methodfinder (1.2.3)
    mime-types (1.16)
    mocha (0.9.12)
    multimap (1.1.2)
    nifty-generators (0.4.6)
    ori (0.1.0)
    paint (0.8.3)
    polyglot (0.3.2)
    pry (0.8.3)
      coderay (>= 0.9.7)
      method_source (>= 0.4.0)
      ruby_parser (>= 2.0.5)
      slop (>= 1.5.3)
    rack (1.3.2)
    rack-mount (0.8.1)
      rack (>= 1.0.0)
    rack-test (0.6.1)
      rack (>= 1.0)
    rails (3.0.5)
      actionmailer (= 3.0.5)
      actionpack (= 3.0.5)
      activerecord (= 3.0.5)
      activeresource (= 3.0.5)
      activesupport (= 3.0.5)
      bundler (~> 1.0)
      railties (= 3.0.5)
    railties (3.0.5)
      actionpack (= 3.0.5)
      activesupport (= 3.0.5)
      rake (>= 0.8.7)
      thor (~> 0.14.4)
    rake (0.9.2)
    regin (0.3.8)
    responders (0.6.4)
    ruby-growl (3.0)
    ruby_parser (2.2.0)
      sexp_processor (~> 3.0)
    rvm_loader (1.0.0)
    sexp_processor (3.0.6)
    sketches (0.1.1)
    slop (2.1.0)
    spoon (0.0.1)
    sqlite3 (1.3.4)
    thor (0.14.6)
    treetop (1.4.10)
      polyglot
      polyglot (>= 0.3.1)
    tzinfo (0.3.29)
    unicode-display_width (0.1.1)
    wirb (0.4.1)
    zucker (11)

PLATFORMS
  ruby

DEPENDENCIES
  inherited_resources
  irbtools
  jquery-rails
  mocha
  nifty-generators
  pry
  rails (= 3.0.5)
  sqlite3
